PATH
  remote: .
  specs:
    zendesk-rinku (1.7.0)

GEM
  remote: https://rubygems.org/
  specs:
    rake (10.3.2)
    rake-compiler (0.9.2)
      rake

PLATFORMS
  ruby

DEPENDENCIES
  rake
  rake-compiler
  zendesk-rinku!
